PATH
  remote: .
  specs:
    active_record-associated_object (0.1.0)
      activerecord (>= 6.1)

GEM
  remote: https://rubygems.org/
  specs:
    activejob (7.0.2.3)
      activesupport (= 7.0.2.3)
      globalid (>= 0.3.6)
    activemodel (7.0.2.3)
      activesupport (= 7.0.2.3)
    activerecord (7.0.2.3)
      activemodel (= 7.0.2.3)
      activesupport (= 7.0.2.3)
    activesupport (7.0.2.3)
      concurrent-ruby (~> 1.0, >= 1.0.2)
      i18n (>= 1.6, < 2)
      minitest (>= 5.1)
      tzinfo (~> 2.0)
    concurrent-ruby (1.1.10)
    debug (1.5.0)
      irb (>= 1.3.6)
      reline (>= 0.2.7)
    globalid (1.0.0)
      activesupport (>= 5.0)
    i18n (1.10.0)
      concurrent-ruby (~> 1.0)
    io-console (0.5.11)
    irb (1.4.1)
      reline (>= 0.3.0)
    kredis (1.1.0)
      activesupport (>= 6.0.0)
      redis (~> 4.2)
    minitest (5.15.0)
    rake (13.0.6)
    redis (4.6.0)
    reline (0.3.1)
      io-console (~> 0.5)
    sqlite3 (1.4.2)
    tzinfo (2.0.4)
      concurrent-ruby (~> 1.0)

PLATFORMS
  arm64-darwin-20
  x86_64-linux

DEPENDENCIES
  active_record-associated_object!
  activejob
  debug
  kredis
  minitest (~> 5.0)
  rake (~> 13.0)
  sqlite3

BUNDLED WITH
   2.3.11
